GIT
  remote: https://github.com/department-of-veterans-affairs/bgs-ext.git
  revision: a7fcba00a33624705f15d0a023c3d214f8e5957a
  specs:
    bgs_ext (0.22.0)
      httpclient
      nokogiri (>= 1.13.6)
      savon (~> 2.14.0)

GEM
  remote: https://rubygems.org/
  specs:
    activesupport (6.1.7.8)
      concurrent-ruby (~> 1.0, >= 1.0.2)
      i18n (>= 1.6, < 2)
      minitest (>= 5.1)
      tzinfo (~> 2.0)
      zeitwerk (~> 2.3)
    addressable (2.8.6)
      public_suffix (>= 2.0.2, < 6.0)
    akami (1.3.3)
      base64
      gyoku (>= 0.4.0)
      nokogiri
    amq-protocol (2.3.2)
    base64 (0.2.0)
    bigdecimal (3.1.8)
    builder (3.3.0)
    bunny (2.22.0)
      amq-protocol (~> 2.3, >= 2.3.1)
      sorted_set (~> 1, >= 1.0.2)
    cgi (0.3.6)
    concurrent-ruby (1.3.3)
    date (3.3.4)
    diff-lcs (1.5.1)
    gyoku (1.4.0)
      builder (>= 2.1.2)
      rexml (~> 3.0)
    httpclient (2.8.3)
    httpi (3.0.2)
      base64
      mutex_m
      nkf
      rack (< 3)
    i18n (1.14.5)
      concurrent-ruby (~> 1.0)
    mail (2.8.1)
      mini_mime (>= 0.1.1)
      net-imap
      net-pop
      net-smtp
    mini_mime (1.1.5)
    minitest (5.23.1)
    mutex_m (0.2.0)
    net-imap (0.4.12)
      date
      net-protocol
    net-pop (0.1.2)
      net-protocol
    net-protocol (0.2.2)
      timeout
    net-smtp (0.5.0)
      net-protocol
    nkf (0.2.0)
    nokogiri (1.16.5-arm64-darwin)
      racc (~> 1.4)
    nokogiri (1.16.5-x86_64-linux)
      racc (~> 1.4)
    nori (2.7.0)
      bigdecimal
    public_suffix (5.0.5)
    racc (1.8.0)
    rack (2.2.9)
    rbtree (0.4.6)
    rexml (3.3.0)
      strscan
    rspec (3.13.0)
      rspec-core (~> 3.13.0)
      rspec-expectations (~> 3.13.0)
      rspec-mocks (~> 3.13.0)
    rspec-core (3.13.0)
      rspec-support (~> 3.13.0)
    rspec-expectations (3.13.0)
      diff-lcs (>= 1.2.0, < 2.0)
      rspec-support (~> 3.13.0)
    rspec-mocks (3.13.1)
      diff-lcs (>= 1.2.0, < 2.0)
      rspec-support (~> 3.13.0)
    rspec-support (3.13.1)
    savon (2.14.0)
      akami (~> 1.2)
      builder (>= 2.1.2)
      gyoku (~> 1.2)
      httpi (>= 2.4.5)
      mail (~> 2.5)
      nokogiri (>= 1.8.1)
      nori (~> 2.4)
      wasabi (~> 3.4)
    set (1.1.0)
    sorted_set (1.0.3)
      rbtree
      set (~> 1.0)
    strscan (3.1.0)
    timeout (0.4.1)
    tzinfo (2.0.6)
      concurrent-ruby (~> 1.0)
    wasabi (3.8.0)
      addressable
      httpi (~> 3.0)
      nokogiri (>= 1.4.2)
    zeitwerk (2.6.15)

PLATFORMS
  arm64-darwin-23
  x86_64-linux

DEPENDENCIES
  activesupport (~> 6.0)
  bgs_ext!
  bunny (>= 2.13.0)
  cgi (~> 0.3.6)
  rack (~> 2.2)
  rexml (>= 3.2.7)
  rspec

RUBY VERSION
   ruby 3.3.0p0

BUNDLED WITH
   2.5.3
